GEM
  remote: https://rubygems.org/
  specs:
    aws-eventstream (1.2.0)
    aws-partitions (1.689.0)
    aws-sdk-core (3.168.4)
      aws-eventstream (~> 1, >= 1.0.2)
      aws-partitions (~> 1, >= 1.651.0)
      aws-sigv4 (~> 1.5)
      jmespath (~> 1, >= 1.6.1)
    aws-sdk-sqs (1.52.1)
      aws-sdk-core (~> 3, >= 3.165.0)
      aws-sigv4 (~> 1.1)
    aws-sigv4 (1.5.2)
      aws-eventstream (~> 1, >= 1.0.2)
    declarative (0.0.20)
    figaro (1.2.0)
      thor (>= 0.14.0, < 2)
    jmespath (1.6.2)
    multi_json (1.15.0)
    representable (3.2.0)
      declarative (< 0.1.0)
      trailblazer-option (>= 0.1.1, < 0.2.0)
      uber (< 0.2.0)
    roar (1.1.1)
      representable (~> 3.0)
    thor (1.2.1)
    trailblazer-option (0.1.2)
    uber (0.1.0)

PLATFORMS
  x86_64-linux

DEPENDENCIES
  aws-sdk-sqs (~> 1.48)
  figaro (~> 1.2)
  multi_json
  roar

RUBY VERSION
   ruby 3.1.2p20

BUNDLED WITH
   2.3.22
